GEM
  remote: http://rubygems.org/
  specs:
    addressable (2.3.8)
    json (1.8.2)
    mime-types (1.25.1)
    pmap (1.0.2)
    rdoc (4.2.0)
      json (~> 1.4)
    rest-client (1.6.8)
      mime-types (~> 1.16)
      rdoc (>= 2.4.2)
    unirest (1.1.2)
      addressable (~> 2.3.5)
      json (~> 1.8.1)
      rest-client (~> 1.6.7)

PLATFORMS
  ruby

DEPENDENCIES
  pmap
  unirest
